GEM
  remote: https://rubygems.org/
  specs:
    eventmachine (1.2.7)
    http_parser.rb (0.8.0)
    language_server-protocol (3.16.0.3)
    prettier_print (0.1.0)
    ruby-lsp (0.2.1)
      language_server-protocol
      sorbet-runtime
      syntax_tree (>= 2.4)
    sorbet-runtime (0.5.10297)
    syntax_tree (3.3.0)
      prettier_print

PLATFORMS
  arm64-darwin-21

DEPENDENCIES
  eventmachine
  http_parser.rb
  ruby-lsp (~> 0.2.1)

BUNDLED WITH
   2.3.8
